GEM
  remote: http://rubygems.org/
  specs:
    activesupport (2.3.8)
    fakeweb (1.3.0)
    mcmire-matchy (0.5.2)
    rake (0.9.2)
    shoulda (2.11.3)

PLATFORMS
  ruby

DEPENDENCIES
  activesupport (= 2.3.8)
  fakeweb (= 1.3.0)
  mcmire-matchy (= 0.5.2)
  rake
  shoulda (= 2.11.3)
